PATH
  remote: .
  specs:
    rust_base64 (0.1.0)

GEM
  remote: https://rubygems.org/
  specs:
    benchmark-ips (2.10.0)
    diff-lcs (1.5.0)
    rake (13.0.6)
    rake-compiler (1.2.1)
      rake
    rb_sys (0.9.54)
    rspec (3.12.0)
      rspec-core (~> 3.12.0)
      rspec-expectations (~> 3.12.0)
      rspec-mocks (~> 3.12.0)
    rspec-core (3.12.0)
      rspec-support (~> 3.12.0)
    rspec-expectations (3.12.2)
      diff-lcs (>= 1.2.0, < 2.0)
      rspec-support (~> 3.12.0)
    rspec-mocks (3.12.2)
      diff-lcs (>= 1.2.0, < 2.0)
      rspec-support (~> 3.12.0)
    rspec-support (3.12.0)

PLATFORMS
  arm64-darwin-21

DEPENDENCIES
  benchmark-ips
  rake (>= 13.0.0)
  rake-compiler
  rb_sys
  rspec
  rust_base64!

BUNDLED WITH
   2.3.26
